GEM
  remote: https://rubygems.org/
  specs:
    backports (3.15.0)
    multi_json (1.13.1)
    mustermann (1.0.3)
    pdf-core (0.7.0)
    prawn (2.2.2)
      pdf-core (~> 0.7.0)
      ttfunk (~> 1.5)
    rack (2.0.7)
    rack-protection (2.0.5)
      rack
    sinatra (2.0.5)
      mustermann (~> 1.0)
      rack (~> 2.0)
      rack-protection (= 2.0.5)
      tilt (~> 2.0)
    sinatra-contrib (2.0.5)
      backports (>= 2.8.2)
      multi_json
      mustermann (~> 1.0)
      rack-protection (= 2.0.5)
      sinatra (= 2.0.5)
      tilt (>= 1.3, < 3)
    tilt (2.0.9)
    ttfunk (1.5.1)

PLATFORMS
  ruby

DEPENDENCIES
  prawn
  sinatra
  sinatra-contrib

BUNDLED WITH
   2.0.1
